GEM
  remote: https://rubygems.org/
  specs:
    ffi (1.1.5)
    hashie (1.2.0)
    mime-types (1.19)
    nori (1.1.3)
    typhoeus (0.4.2)
      ffi (~> 1.0)
      mime-types (~> 1.18)

PLATFORMS
  ruby

DEPENDENCIES
  hashie
  nori
  typhoeus
